GEM
  remote: http://rubygems.org/
  specs:
    command-builder (0.1.0)
      hash-utils (>= 0.7.0)
    git (1.2.5)
    hash-utils (0.9.0)
    jeweler (1.5.2)
      bundler (~> 1.0.0)
      git (>= 1.2.5)
      rake
    pipe-run (0.1.0)
    rake (0.8.7)

PLATFORMS
  ruby

DEPENDENCIES
  bundler (~> 1.0.0)
  command-builder (>= 0.1.0)
  hash-utils (>= 0.9.0)
  jeweler (~> 1.5.2)
  pipe-run (>= 0.1.0)
